GEM
  remote: https://rubygems.org/
  specs:
    coderay (1.1.2)
    csv (3.1.1)
    curb (0.9.10)
    method_source (0.9.2)
    mini_portile2 (2.4.0)
    nokogiri (1.10.4)
      mini_portile2 (~> 2.4.0)
    pry (0.12.2)
      coderay (~> 1.1.0)
      method_source (~> 0.9.0)

PLATFORMS
  ruby

DEPENDENCIES
  csv (~> 3.1, >= 3.1.1)
  curb (~> 0.9.10)
  nokogiri (~> 1.10, >= 1.10.4)
  pry (~> 0.12.2)

BUNDLED WITH
   1.17.3
